PATH
  remote: .
  specs:
    linkscape (3.0.0)
      activeresource
      ruby-hmac
      will_paginate

GEM
  remote: http://rubygems.org/
  specs:
    activemodel (3.0.8)
      activesupport (= 3.0.8)
      builder (~> 2.1.2)
      i18n (~> 0.5.0)
    activeresource (3.0.8)
      activemodel (= 3.0.8)
      activesupport (= 3.0.8)
    activesupport (3.0.8)
    builder (2.1.2)
    diff-lcs (1.1.2)
    fakeweb (1.3.0)
    i18n (0.5.0)
    rspec (2.6.0)
      rspec-core (~> 2.6.0)
      rspec-expectations (~> 2.6.0)
      rspec-mocks (~> 2.6.0)
    rspec-core (2.6.4)
    rspec-expectations (2.6.0)
      diff-lcs (~> 1.1.2)
    rspec-mocks (2.6.0)
    ruby-hmac (0.4.0)
    will_paginate (2.3.15)

PLATFORMS
  ruby

DEPENDENCIES
  fakeweb
  linkscape!
  rspec
